GEM
  remote: https://rubygems.org/
  specs:
    erubis (2.7.0)
    pg (0.19.0)
    rack (1.6.5)
    rack-protection (1.5.3)
      rack
    rubyzip (1.2.0)
    sequel (4.40.0)
    sinatra (1.4.7)
      rack (~> 1.5)
      rack-protection (~> 1.4)
      tilt (>= 1.3, < 3)
    table_print (1.5.6)
    taglib-ruby (0.7.1)
    tilt (2.0.5)
    vlc-client (0.0.6)

PLATFORMS
  ruby

DEPENDENCIES
  erubis
  pg
  rubyzip
  sequel
  sinatra
  table_print
  taglib-ruby
  vlc-client

BUNDLED WITH
   1.13.6
