GEM
  remote: https://rubygems.org/
  specs:
    rack (1.6.5)
    rack-protection (1.5.3)
      rack
    sequel (4.40.0)
    sinatra (1.4.7)
      rack (~> 1.5)
      rack-protection (~> 1.4)
      tilt (>= 1.3, < 3)
    tilt (2.0.5)
    vlc-client (0.0.6)

PLATFORMS
  ruby

DEPENDENCIES
  sequel
  sinatra
  vlc-client

BUNDLED WITH
   1.13.6
